ObjectType = Image
NDims = 3
BinaryData = True
BinaryDataByteOrderMSB = False
CompressedData = False
TransformMatrix = 1 0 0 0 1 0 0 0 1
Offset = 0 0 0
CenterOfRotation = 0 0 0
AnatomicalOrientation = RAI
ElementSpacing = 1.09375 1.09375 2.6000000000000001
DimSize = 400 320 160
ElementType = MET_FLOAT
ElementDataFile = C00001.raw
